GEM
  remote: https://rubygems.org/
  specs:
    actionpack (4.1.1)
      actionview (= 4.1.1)
      activesupport (= 4.1.1)
      rack (~> 1.5.2)
      rack-test (~> 0.6.2)
    actionview (4.1.1)
      activesupport (= 4.1.1)
      builder (~> 3.1)
      erubis (~> 2.7.0)
    active_model_serializers (0.9.3)
      activemodel (>= 3.2)
    activemodel (4.1.1)
      activesupport (= 4.1.1)
      builder (~> 3.1)
    activesupport (4.1.1)
      i18n (~> 0.6, >= 0.6.9)
      json (~> 1.7, >= 1.7.7)
      minitest (~> 5.1)
      thread_safe (~> 0.1)
      tzinfo (~> 1.1)
    allocation_stats (0.1.5)
    benchmark-ips (2.1.1)
    builder (3.2.2)
    coderay (1.1.0)
    erubis (2.7.0)
    http_accept (0.1.6)
    i18n (0.7.0)
    jbuilder (2.2.11)
      activesupport (>= 3.0.0, < 5)
      multi_json (~> 1.2)
    json (1.8.2)
    json_schema (0.10.0)
    kartograph (0.2.2)
    method_source (0.8.2)
    minitest (5.5.1)
    multi_json (1.10.1)
    oj (2.9.3)
    pliny (0.13.1)
      activesupport (~> 4.1, >= 4.1.0)
      http_accept (~> 0.1, >= 0.1.5)
      multi_json (~> 1.9, >= 1.9.3)
      prmd (~> 0.7.0)
      rack-timeout (~> 0.3, >= 0.3.1)
      sinatra (~> 1.4, >= 1.4.5)
      sinatra-router (~> 0.2, >= 0.2.3)
      thor (~> 0.19, >= 0.19.1)
    prmd (0.7.4)
      erubis (~> 2.7)
      json_schema (~> 0.3, >= 0.3.1)
    pry (0.10.1)
      coderay (~> 1.1.0)
      method_source (~> 0.8.1)
      slop (~> 3.4)
    rabl (0.11.6)
      activesupport (>= 2.3.14)
    rack (1.5.2)
    rack-protection (1.5.3)
      rack
    rack-test (0.6.3)
      rack (>= 1.0)
    rack-timeout (0.3.2)
    ruby-prof (0.15.1)
    sinatra (1.4.6)
      rack (~> 1.4)
      rack-protection (~> 1.4)
      tilt (>= 1.3, < 3)
    sinatra-router (0.2.3)
      sinatra (~> 1.4)
    slop (3.6.0)
    terminal-table (1.4.5)
    thor (0.19.1)
    thread_safe (0.3.5)
    tilt (2.0.1)
    tzinfo (1.2.2)
      thread_safe (~> 0.1)

PLATFORMS
  ruby

DEPENDENCIES
  actionpack
  actionview
  active_model_serializers
  activesupport
  allocation_stats
  benchmark-ips
  jbuilder
  kartograph
  multi_json
  oj
  pliny
  pry
  rabl
  ruby-prof
  terminal-table
